##TITLE=Parameter List
##JCAMPDX=4.24
##DATATYPE=Parameter Values
##ORIGIN=Bruker BioSpin MRI GmbH
##OWNER=tamara
$$ Tue Feb 11 22:07:57 2014 EST (UT-5h)  tamara
$$ /opt/PV5.1/data/tamara/nmr/T_CF_2013.oh3/4/method
##$Method=UTE3D
##$YesNoMinEchoTime=Yes
##$PVM_EchoTime=0.02
##$PVM_MinEchoTime=0.02
##$PVM_RepetitionTime=100
##$NPro=3176
##$ProUndersampling=1
$$ @vis= Method YesNoMinEchoTime PVM_EchoTime PVM_RepetitionTime NPro
##$PVM_NAverages=1
##$PVM_ScanTimeStr=( 16 )
<0h5m17s600ms>
##$PVM_DeriveGains=Yes
##$ExcPulseEnum=bp
$$ @vis= ProUndersampling PVM_NAverages PVM_ScanTimeStr PVM_DeriveGains
##$ExcPulse=(0.02, 64000, 15.9341799441161, 5.99999999999999, 100, 0, 100, 
LIB_EXCITATION, <bp.exc>, 1280, 1, 50, 0.0004, conventional)
##$PVM_GradCalConst=31250
##$PVM_Nucleus1Enum=1H
##$PVM_Nucleus1=( 8 )
<1H>
$$ @vis= ExcPulseEnum ExcPulse RF_Pulses PVM_GradCalConst PVM_Nucleus1Enum
##$PVM_RefAttMod1=AutoAdj
##$PVM_RefAttStat1=( 1024 )
<not adjusted>
##$PVM_Nucleus2Enum=13C
##$PVM_Nucleus2=( 8 )
<>
##$PVM_Nucleus3Enum=1H
##$PVM_Nucleus4Enum=1H
##$PVM_Nucleus5Enum=1H
##$PVM_Nucleus6Enum=1H
##$PVM_Nucleus7Enum=1H
##$PVM_Nucleus8Enum=1H
##$PVM_EncUseMultiRec=No
##$PVM_EncActReceivers=( 1 )
On
##$PVM_EncMatrix=( 1 )
32
$$ @vis= PVM_Nucleus1 PVM_RefAttMod1 PVM_RefAttStat1 Nuclei PVM_EncUseMultiRec
##$PVM_EncTotalAccel=1
##$PVM_EncNReceivers=1
##$PVM_EncAvailReceivers=4
$$ @vis= PVM_EncMatrix PVM_EncTotalAccel PVM_EncNReceivers
##$PVM_EncChanScaling=( 1 )
1
##$PVM_OperationMode=( 64 )
<[1H] TX/RX Volume>
$$ @vis= PVM_EncAvailReceivers PVM_EncChanScaling PVM_OperationMode
##$PVM_EffSWh=4000
##$ReadSpoilGradDur=1
##$GradientDelayYesNo=No
$$ @vis= Encoding_Output Encoding PVM_EffSWh ReadSpoilGradDur
##$GradientDelay=0
##$rampT=0.1
##$GradSync=No
##$PVM_DigAutSet=Yes
##$PVM_DigQuad=Yes
##$PVM_DigFilter=Digital_Flat
##$PVM_DigRes=23
$$ @vis= GradientDelayYesNo GradSync PVM_DigAutSet PVM_DigQuad PVM_DigFilter
##$PVM_DigDw=0.25
##$PVM_DigSw=4000
##$PVM_DigNp=16
##$PVM_DigShift=3
##$PVM_DigGroupDel=0.75
##$PVM_DigDur=4
$$ @vis= PVM_DigRes PVM_DigDw PVM_DigSw PVM_DigNp PVM_DigShift PVM_DigGroupDel
##$PVM_DigEndDelMin=0.0499999999999998
##$PVM_DigEndDelOpt=0.0523999999999996
$$ @vis= PVM_DigDur PVM_DigEndDelMin PVM_DigEndDelOpt DigitizerPars
##$PVM_GeoMode=GeoImaging
##$PVM_SpatDimEnum=3D
##$PVM_Isotropic=Isotropic_Matrix
##$PVM_Fov=( 3 )
35 35 35
##$PVM_FovCm=( 3 )
3.5 3.5 3.5
##$PVM_SpatResol=( 3 )
1.09375 1.09375 1.09375
$$ @vis= Sequence_Details PVM_GeoMode PVM_SpatDimEnum PVM_Isotropic PVM_Fov
##$PVM_Matrix=( 3 )
32 32 32
##$PVM_MinMatrix=( 3 )
16 16 16
##$PVM_MaxMatrix=( 3 )
512 512 512
##$PVM_AntiAlias=( 3 )
1 1 1
##$PVM_MaxAntiAlias=( 3 )
2 8 8
$$ @vis= PVM_SpatResol PVM_Matrix PVM_MinMatrix PVM_MaxMatrix PVM_AntiAlias
##$PVM_SliceThick=35
##$PVM_ObjOrderScheme=Interlaced
$$ @vis= PVM_MaxAntiAlias StandardInplaneGeometry PVM_SliceThick
##$PVM_ObjOrderList=( 1 )
0
##$PVM_NSPacks=1
##$PVM_SPackArrNSlices=( 1 )
1
##$PVM_MajSliceOri=Yes
$$ @vis= PVM_ObjOrderScheme PVM_ObjOrderList PVM_NSPacks PVM_SPackArrNSlices
##$PVM_SPackArrSliceOrient=( 1 )
axial
##$PVM_SPackArrReadOrient=( 1 )
L_R
##$PVM_SPackArrReadOffset=( 1 )
0
$$ @vis= PVM_MajSliceOri PVM_SPackArrSliceOrient PVM_SPackArrReadOrient
##$PVM_SPackArrPhase1Offset=( 1 )
0
##$PVM_SPackArrPhase2Offset=( 1 )
0
##$PVM_SPackArrSliceOffset=( 1 )
0
$$ @vis= PVM_SPackArrReadOffset PVM_SPackArrPhase1Offset
##$PVM_SPackArrSliceGapMode=( 1 )
non_contiguous
##$PVM_SPackArrSliceGap=( 1 )
0
##$PVM_SPackArrSliceDistance=( 1 )
35
$$ @vis= PVM_SPackArrSliceOffset PVM_SPackArrSliceGapMode PVM_SPackArrSliceGap
##$PVM_SPackArrGradOrient=( 1, 3, 3 )
1 0 0 0 1 0 0 0 1
##$NDummyScans=20
##$PVM_TriggerModule=Off
$$ @vis= PVM_SPackArrSliceDistance StandardSliceGeometry NDummyScans
##$PVM_FovSatOnOff=Off
##$PVM_FovSatNSlices=1
##$PVM_FovSatSliceOrient=( 1 )
axial
##$PVM_FovSatThick=( 1 )
0.9
##$PVM_FovSatOffset=( 1 )
0
##$PVM_FovSatSliceVec=( 1, 3 )
0 0 1
##$PVM_SatSlicesPulseEnum=sech
##$PVM_SatSlicesPulse=(4, 5062.5, 90, 17.5234457674009, 100, 0, 100, 
LIB_EXCITATION, <sech.exc>, 20250, 0.1064278, 50, 0.2048, adiabatic)
##$PVM_SatSlicesDeriveGainMode=By_DeriveGains
##$PVM_FovSatSpoilTime=0.744
##$PVM_FovSatSpoilGrad=20
##$PVM_FovSatModuleTime=0
##$PVM_FovSatFL=( 1 )
0
##$PVM_SatD0=1e-06
##$PVM_SatD1=1e-06
##$PVM_SatD2=1e-06
##$PVM_SatP0=10
##$PVM_SatLp0=0
##$PVM_FatSupOnOff=Off
##$TraAdjMode=On_Demand
$$ @vis= PVM_TriggerModule PVM_FovSatOnOff PVM_FatSupOnOff Preparation
##$TraExcPulseEnum=gauss
##$TraExcPulse=(1, 2740, 30, 26.9106745687245, 100, 0, 100, LIB_EXCITATION, <
gauss.exc>, 2740, 0.4181723, 50, 0.0256, conventional)
##$TraAutomaticParSetting=Yes
##$TraSliceRephaseTime=0.5
$$ @vis= TraAdjMode TraExcPulseEnum TraExcPulse TraAutomaticParSetting
##$TraSliceThickness=1.09375
##$TraSliceOffset=3.5
##$TraSliceSpoilGrad=40
$$ @vis= TraSliceRephaseTime TraSliceThickness TraSliceOffset
##$TraSliceSpoilGradDur=1
##$TraRepDel=400
##$TraSliceStabDel=0.5
##$TraRecoMode=measured_Traj
$$ @vis= TraSliceSpoilGrad TraSliceSpoilGradDur TraRepDel TraSliceStabDel
##$Tra_FrequencyList=( 2 )
8768 -8768
##$traj_r=( 16 )
0 0 0.0239157333763402 0.261898031425621 1.04146712574764 2.04384501161029 
3.05110167879134 4.05059668385014 5.04233431976501 6.03958092253462 
7.03338468917174 8.01488114848763 8.99295379802046 9.98690380803885 
10.987694849436 11.9640296702056
##$traj_p=( 16 )
0 0 0.0464519874122111 0.285858644626422 1.07333480045393 2.07264888688642 
3.06533540270392 4.05855411401237 5.04204384458897 6.01510155868893 
6.99555494023515 7.97574267263449 8.95084228724717 9.92594694693038 
10.9044288428805 11.8884741653694
##$traj_s=( 16 )
0 0 0.0302280980489547 0.274507247241681 1.06381686345584 2.07108772307594 
3.06738050675353 4.06087590797984 5.05268994348833 6.04371472635011 
7.03394821463257 8.02439365493935 9.01106215814319 10.0014987164044 
10.9906285707775 11.9796415716693
##$TrajectoryMeasured=Yes
##$TraRampTime=0.116
##$traj_graddel=0
##$traj_swh=4000
##$traj_matrix=32
##$traj_fov_0=35
##$traj_fov_1=35
##$traj_fov_2=35
##$traj_orient=1
##$traj_patient_pos=1
$$ @vis= TraRecoMode traj_r traj_p traj_s TrajectoryMeasured Tra_Details
##$OnlineReco=Yes
##$RecoOptimizeMemory=Yes
##$RECO_wordtype=_16BIT_SGN_INT
##$RECO_map_mode=ABSOLUTE_MAPPING
##$RECO_map_percentile=( 2 )
1 99.99
##$RECO_map_error=0.0025
##$RECO_map_range=( 2 )
-2147483647 2147483647
$$ @vis= Trajectory OnlineReco RecoOptimizeMemory RECO_wordtype RECO_map_mode
$$ @vis= RecoOptions MethodClass
##END=
