##TITLE=Parameter List
##JCAMPDX=4.24
##DATATYPE=Parameter Values
##ORIGIN=Bruker BioSpin MRI GmbH
##OWNER=tamara
$$ Tue Feb 11 22:07:57 2014 EST (UT-5h)  tamara
$$ /opt/PV5.1/data/tamara/nmr/T_CF_2013.oh3/4/pdata/1/reco
##$RECO_mode=USER_MODE
##$RecoUserUpdate=Yes
##$RecoAutoDerive=No
##$RECO_inp_order=NO_REORDERING
##$RecoNumInputChan=1
$$ @vis= RECO_mode RecoUserUpdate RecoAutoDerive RECO_inp_order
##$RECO_inp_size=( 3 )
32 32 32
##$RECO_ft_size=( 3 )
32 32 32
##$RECO_fov=( 3 )
3.5 3.5 3.5
##$RECO_size=( 3 )
32 32 32
##$RECO_offset=( 3, 1 )
0 0 0
##$RECO_regrid_mode=NO_REGRID
##$RECO_regrid_offset=0
##$RECO_ramp_gap=0
##$RECO_ramp_time=0
##$RECO_ne_mode=NO_NAV_DATA
$$ @vis= RecoNumInputChan RECO_ft_size RECO_fov RECO_size RECO_regrid_mode
##$RECO_ne_dist=NeNoInterleave
##$RECO_ne_dens=NeCorrPerScan
##$RECO_ne_type=NAV_PHASE
##$RECO_ne_vals=( 1, 2 )
0 0
##$RECO_bc_mode=( 3 )
AUTO_OFFSET_BC NO_BC NO_BC
##$RECO_bc_start=( 3 )
12 2382 1
##$RECO_bc_len=( 3 )
4 794 0
##$RECO_dc_offset=( 2 )
0 0
##$RECO_dc_divisor=1
##$RECO_bc_coroff=( 3 )
0 0 0
##$RECO_qopts=( 3 )
CONJ_AND_QNEG NO_QOPTS NO_QOPTS
##$RECO_wdw_mode=( 3 )
NO_WDW NO_WDW NO_WDW
##$RECO_lb=( 3 )
-0.5 -0.5 -0.5
##$RECO_sw=( 3 )
4000 1 1
##$RECO_gb=( 3 )
0.5 0.5 0.5
##$RECO_sbs=( 3 )
1 1 1
##$RECO_tm1=( 3 )
0.25 0.25 0.25
##$RECO_tm2=( 3 )
0.75 0.75 0.75
##$RECO_ft_mode=( 3 )
COMPLEX_FFT COMPLEX_FFT COMPLEX_FFT
##$RECO_pc_mode=( 3 )
NO_PC NO_PC NO_PC
$$ @vis= RECO_ne_mode RECO_bc_mode RECO_qopts RECO_wdw_mode RECO_ft_mode
##$RECO_pc_lin=( 3 )
(0, 0) (0, 0) (0, 0)
##$RECO_rotate=( 3, 1 )
0 0.5 0.5
##$RECO_ppc_mode=NO_PPC
##$RECO_ref_image=0
##$RECO_nr_supports=0.4
##$RECO_sig_threshold=0.15
##$RECO_ppc_degree=1
##$RECO_dc_elim=No
##$RECO_transposition=( 1 )
0
$$ @vis= RECO_pc_mode RECO_rotate RECO_ppc_mode RECO_dc_elim
##$RECO_image_type=MAGNITUDE_IMAGE
##$RECO_image_threshold=0.15
##$RECO_ir_scale=10
##$RECO_wordtype=_16BIT_SGN_INT
##$RECO_map_mode=ABSOLUTE_MAPPING
##$RECO_map_range=( 2 )
-2147483647 2147483647
##$RECO_map_percentile=( 2 )
1 99.99
##$RECO_map_error=0.0025
##$RECO_globex=( 1 )
0
$$ @vis= RECO_transposition RECO_image_type RECO_wordtype RECO_map_mode
##$RECO_minima=( 1 )
0
##$RECO_maxima=( 1 )
32766.5
##$RECO_map_min=( 1 )
-1226194.00350019
##$RECO_map_max=( 1 )
1226194.00350019
##$RECO_map_offset=( 1 )
0
$$ @vis= RECO_globex RECO_minima RECO_maxima RECO_map_min RECO_map_max
##$RECO_map_slope=( 1 )
0.0267221173048208
##$RECO_byte_order=littleEndian
##$RECO_time=( 24 )
<21:44:05 11 Feb 2014>
##$RECO_abs_time=1392173045
$$ @vis= RECO_map_offset RECO_map_slope RECO_byte_order RECO_time
##$RECO_base_image_uid=( 65 )
<2.16.756.5.5.100.328755282.21238.1392174477.2>
##$RecoScaleChan=( 1 )
1
##$RecoCombineMode=SumOfSquares
##$RecoSortDim=0
$$ @vis= RECO_abs_time RECO_base_image_uid RecoScaleChan RecoCombineMode
##$RecoSortSize=( 1 )
0
##$RecoSortRange=( 1 )
0
##$RecoGrappaAccelFactor=1
##$RecoGrappaKernelRead=0
##$RecoGrappaKernelPhase=0
##$RecoGrappaNumRefRead=0
##$RecoGrappaNumRefPhase=0
##$RecoGrappaIncludeRefLines=Yes
##$RecoGrappaReadCenter=0
##$RecoGrappaPhaseCenter=0
##$RecoGrappaTruncThresh=-1
##$RecoRegridNSetDefaults=Off
$$ @vis= RecoSortDim RecoSortGroup RecoGrappaAccelFactor RecoGrappaGroup
##$RecoRegridNAutoSet=On
##$RecoRegridNOver=1.5
##$RecoRegridNError=0.01
$$ @vis= RecoRegridNSetDefaults RecoRegridNAutoSet RecoRegridNOver
##$RecoRegridNKernelWidth=3.25750029366851
##$RecoRegridNKernelShapeParameter=6.21697053153243
$$ @vis= RecoRegridNError RecoRegridNKernelWidth
##$RecoRegridNKernelSamplingDensity=13
$$ @vis= RecoRegridNKernelShapeParameter RecoRegridNKernelSamplingDensity
##$GS_reco_display=Yes
##$GS_image_type=MAGNITUDE_IMAGE
##$GO_reco_display=Yes
$$ @vis= RecoRegridNGroup GS_reco_display GS_image_type RECO_GS
##$GO_reco_each_nr=No
##$GO_max_reco_mem=0
$$ @vis= GO_reco_display GO_reco_each_nr GO_max_reco_mem RECO_GO RECO
##END=
